GEM
  remote: https://www.rubygems.org/
  specs:
    rack (1.5.2)
    rack-protection (1.5.0)
      rack
    sinatra (1.4.3)
      rack (~> 1.4)
      rack-protection (~> 1.4)
      tilt (~> 1.3, >= 1.3.4)
    tilt (1.4.1)

PLATFORMS
  ruby
  x64-mingw32

DEPENDENCIES
  sinatra

RUBY VERSION
   ruby 2.4.4p296

BUNDLED WITH
   2.0.1
